GEM
  remote: https://rubygems.org/
  specs:
    json (2.3.0)
    repla (0.10.4)

PLATFORMS
  ruby

DEPENDENCIES
  json
  repla

RUBY VERSION
   ruby 2.4.1p111

BUNDLED WITH
   2.0.2
