GEM
  remote: https://rubygems.org/
  specs:
    json (2.2.0)
    repla (0.8.0)

PLATFORMS
  ruby

DEPENDENCIES
  json
  repla

RUBY VERSION
   ruby 2.3.7p456

BUNDLED WITH
   2.0.1
