GEM
  remote: https://rubygems.org/
  specs:
    json (2.1.0)
    webconsole (0.2.1)

PLATFORMS
  ruby

DEPENDENCIES
  json
  webconsole

RUBY VERSION
   ruby 2.3.7p456

BUNDLED WITH
   1.17.2
