GEM
  remote: https://rubygems.org/
  specs:
    json (1.8.3)
    webconsole (0.1.12)

PLATFORMS
  ruby

DEPENDENCIES
  json
  webconsole
