GEM
  remote: https://rubygems.org/
  specs:
    json (1.8.3)
    webconsole (0.1.16)

PLATFORMS
  ruby

DEPENDENCIES
  json
  webconsole

BUNDLED WITH
   1.10.6
